PATH
  remote: .
  specs:
    snuffleupagus (0.0.3)

GEM
  remote: http://rubygems.org/
  specs:
    timecop (0.4.4)

PLATFORMS
  ruby

DEPENDENCIES
  snuffleupagus!
  timecop

BUNDLED WITH
   1.16.1
