PATH
  remote: .
  specs:
    snuffleupagus (0.0.1)
      gibberish (~> 1.4.0)

GEM
  remote: http://rubygems.org/
  specs:
    gibberish (1.4.0)

PLATFORMS
  ruby

DEPENDENCIES
  gibberish
  snuffleupagus!
